GEM
  remote: https://rubygems.org/
  specs:
    aws-sdk (1.60.2)
      aws-sdk-v1 (= 1.60.2)
    aws-sdk-v1 (1.60.2)
      json (~> 1.4)
      nokogiri (>= 1.4.4)
    blobstore_client (1.3143.0)
      aws-sdk (= 1.60.2)
      bosh_common (~> 1.3143.0)
      httpclient (= 2.4.0)
      multi_json (~> 1.1)
    bosh-template (1.3143.0)
      semi_semantic (~> 1.1.0)
    bosh-workspace (0.9.6)
      bosh_cli (>= 1.2905.0)
      bosh_common (>= 1.2905.0)
      hashdiff (~> 0.2.1)
      membrane (~> 1.1.0)
      rugged (~> 0.23.0b3)
      semi_semantic (~> 1.1.0)
    bosh_cli (1.3143.0)
      blobstore_client (~> 1.3143.0)
      bosh-template (~> 1.3143.0)
      bosh_common (~> 1.3143.0)
      cf-uaa-lib (~> 3.2.1)
      highline (~> 1.6.2)
      httpclient (= 2.4.0)
      json_pure (~> 1.7)
      minitar (~> 0.5.4)
      net-scp (~> 1.1.0)
      net-ssh (= 2.9.2)
      net-ssh-gateway (~> 1.2.0)
      netaddr (~> 1.5.0)
      progressbar (~> 0.9.0)
      sshkey (~> 1.7.0)
      terminal-table (~> 1.4.3)
    bosh_common (1.3143.0)
      logging (~> 1.8.2)
      semi_semantic (~> 1.1.0)
    cf-uaa-lib (3.2.4)
      multi_json
    coderay (1.1.0)
    diff-lcs (1.2.5)
    ffi (1.9.10)
    formatador (0.2.5)
    guard (2.13.0)
      formatador (>= 0.2.4)
      listen (>= 2.7, <= 4.0)
      lumberjack (~> 1.0)
      nenv (~> 0.1)
      notiffany (~> 0.0)
      pry (>= 0.9.12)
      shellany (~> 0.0)
      thor (>= 0.18.1)
    guard-compat (1.2.1)
    guard-rspec (4.6.4)
      guard (~> 2.1)
      guard-compat (~> 1.1)
      rspec (>= 2.99.0, < 4.0)
    hashdiff (0.2.3)
    highline (1.6.21)
    httpclient (2.4.0)
    json (1.8.3)
    json_pure (1.8.3)
    listen (3.0.5)
      rb-fsevent (>= 0.9.3)
      rb-inotify (>= 0.9)
    little-plugger (1.1.4)
    logging (1.8.2)
      little-plugger (>= 1.1.3)
      multi_json (>= 1.8.4)
    lumberjack (1.0.9)
    membrane (1.1.0)
    method_source (0.8.2)
    mini_portile (0.6.2)
    minitar (0.5.4)
    multi_json (1.11.2)
    nenv (0.2.0)
    net-scp (1.1.2)
      net-ssh (>= 2.6.5)
    net-ssh (2.9.2)
    net-ssh-gateway (1.2.0)
      net-ssh (>= 2.6.5)
    netaddr (1.5.0)
    nokogiri (1.6.6.4)
      mini_portile (~> 0.6.0)
    notiffany (0.0.8)
      nenv (~> 0.1)
      shellany (~> 0.0)
    progressbar (0.9.2)
    pry (0.10.3)
      coderay (~> 1.1.0)
      method_source (~> 0.8.1)
      slop (~> 3.4)
    rake (10.4.2)
    rb-fsevent (0.9.6)
    rb-inotify (0.9.5)
      ffi (>= 0.5.0)
    rspec (3.4.0)
      rspec-core (~> 3.4.0)
      rspec-expectations (~> 3.4.0)
      rspec-mocks (~> 3.4.0)
    rspec-core (3.4.1)
      rspec-support (~> 3.4.0)
    rspec-expectations (3.4.0)
      diff-lcs (>= 1.2.0, < 2.0)
      rspec-support (~> 3.4.0)
    rspec-its (1.2.0)
      rspec-core (>= 3.0.0)
      rspec-expectations (>= 3.0.0)
    rspec-mocks (3.4.0)
      diff-lcs (>= 1.2.0, < 2.0)
      rspec-support (~> 3.4.0)
    rspec-support (3.4.0)
    rugged (0.23.3)
    semi_semantic (1.1.0)
    shellany (0.0.1)
    slop (3.6.0)
    sshkey (1.7.0)
    terminal-table (1.4.5)
    thor (0.19.1)

PLATFORMS
  ruby

DEPENDENCIES
  bosh-workspace (= 0.9.6)
  guard-rspec
  rake
  rspec-its
