GEM
  remote: https://rubygems.org/
  specs:
    CFPropertyList (2.3.1)
    agent_client (1.2950.0)
      httpclient (= 2.4.0)
      yajl-ruby (~> 1.2.0)
    aws-sdk (1.60.2)
      aws-sdk-v1 (= 1.60.2)
    aws-sdk-v1 (1.60.2)
      json (~> 1.4)
      nokogiri (>= 1.4.4)
    blobstore_client (1.2950.0)
      aws-sdk (= 1.60.2)
      bosh_common (~> 1.2950.0)
      fog (~> 1.27.0)
      httpclient (= 2.4.0)
      multi_json (~> 1.1)
      ruby-atmos-pure (~> 1.0.5)
    bosh-core (1.2950.0)
      gibberish (~> 1.4.0)
      yajl-ruby (~> 1.2.0)
    bosh-director-core (1.2950.0)
      bosh-template (~> 1.2950.0)
      bosh_common (~> 1.2950.0)
    bosh-registry (1.2950.0)
      aws-sdk (= 1.60.2)
      bosh_cpi (~> 1.2950.0)
      fog (~> 1.27.0)
      sequel (~> 3.43.0)
      sinatra (~> 1.4.2)
      thin (~> 1.5.0)
      yajl-ruby (~> 1.2.0)
    bosh-stemcell (1.2950.0)
      bosh-core (~> 1.2950.0)
      bosh_aws_cpi (~> 1.2950.0)
    bosh-template (1.2950.0)
      semi_semantic (~> 1.1.0)
    bosh-workspace (0.9.1)
      bosh_cli (>= 1.2905.0)
      bosh_common (>= 1.2905.0)
      hashdiff (~> 0.2.1)
      membrane (~> 1.1.0)
      rugged (~> 0.23.0b3)
      semi_semantic (~> 1.1.0)
    bosh_aws_cpi (1.2950.0)
      aws-sdk (= 1.60.2)
      bosh-registry (~> 1.2950.0)
      bosh_common (~> 1.2950.0)
      bosh_cpi (~> 1.2950.0)
      httpclient (= 2.4.0)
      yajl-ruby (>= 0.8.2)
    bosh_cli (1.2950.0)
      blobstore_client (~> 1.2950.0)
      bosh-template (~> 1.2950.0)
      bosh_common (~> 1.2950.0)
      cf-uaa-lib (~> 3.2.1)
      highline (~> 1.6.2)
      httpclient (= 2.4.0)
      json_pure (~> 1.7)
      minitar (~> 0.5.4)
      net-scp (~> 1.1.0)
      net-ssh (>= 2.2.1)
      net-ssh-gateway (~> 1.2.0)
      netaddr (~> 1.5.0)
      progressbar (~> 0.9.0)
      terminal-table (~> 1.4.3)
    bosh_cli_plugin_micro (1.2950.0)
      agent_client (~> 1.2950.0)
      blobstore_client (~> 1.2950.0)
      bosh-core (~> 1.2950.0)
      bosh-director-core (~> 1.2950.0)
      bosh-registry (~> 1.2950.0)
      bosh-stemcell (~> 1.2950.0)
      bosh_aws_cpi (~> 1.2950.0)
      bosh_cli (~> 1.2950.0)
      bosh_cpi (~> 1.2950.0)
      bosh_openstack_cpi (~> 1.2950.0)
      bosh_vcloud_cpi (~> 0.7.3)
      bosh_vsphere_cpi (~> 1.2950.0)
      mono_logger (~> 1.1.0)
      sqlite3 (~> 1.3.7)
    bosh_common (1.2950.0)
      logging (~> 1.8.2)
      semi_semantic (~> 1.1.0)
    bosh_cpi (1.2950.0)
      bosh_common (~> 1.2950.0)
      logging (~> 1.8.2)
      membrane (~> 1.1.0)
    bosh_openstack_cpi (1.2950.0)
      bosh-registry (~> 1.2950.0)
      bosh_common (~> 1.2950.0)
      bosh_cpi (~> 1.2950.0)
      fog (~> 1.27.0)
      httpclient (= 2.4.0)
      membrane (~> 1.1.0)
      yajl-ruby (>= 0.8.2)
    bosh_vcloud_cpi (0.7.3)
      bosh_common
      bosh_cpi
      builder (~> 3.1.4)
      httpclient (~> 2.4.0)
      membrane
      nokogiri (~> 1.6.6)
      rest-client (~> 1.6.7)
      yajl-ruby (>= 0.8.2)
    bosh_vsphere_cpi (1.2950.0)
      bosh_common (~> 1.2950.0)
      bosh_cpi (~> 1.2950.0)
      builder (~> 3.1.4)
      httpclient (= 2.4.0)
      membrane (~> 1.1.0)
      mono_logger (~> 1.1.0)
      nokogiri (~> 1.6.6)
    builder (3.1.4)
    celluloid (0.16.0)
      timers (~> 4.0.0)
    cf-uaa-lib (3.2.1)
      multi_json
    coderay (1.1.0)
    daemons (1.2.2)
    diff-lcs (1.2.5)
    eventmachine (1.0.7)
    excon (0.45.3)
    ffi (1.9.8)
    fission (0.5.0)
      CFPropertyList (~> 2.2)
    fog (1.27.0)
      fog-atmos
      fog-aws (~> 0.0)
      fog-brightbox (~> 0.4)
      fog-core (~> 1.27, >= 1.27.3)
      fog-ecloud
      fog-json
      fog-profitbricks
      fog-radosgw (>= 0.0.2)
      fog-sakuracloud (>= 0.0.4)
      fog-serverlove
      fog-softlayer
      fog-storm_on_demand
      fog-terremark
      fog-vmfusion
      fog-voxel
      fog-xml (~> 0.1.1)
      ipaddress (~> 0.5)
      nokogiri (~> 1.5, >= 1.5.11)
    fog-atmos (0.1.0)
      fog-core
      fog-xml
    fog-aws (0.1.1)
      fog-core (~> 1.27)
      fog-json (~> 1.0)
      fog-xml (~> 0.1)
      ipaddress (~> 0.8)
    fog-brightbox (0.7.1)
      fog-core (~> 1.22)
      fog-json
      inflecto (~> 0.0.2)
    fog-core (1.30.0)
      builder
      excon (~> 0.45)
      formatador (~> 0.2)
      mime-types
      net-scp (~> 1.1)
      net-ssh (>= 2.1.3)
    fog-ecloud (0.1.1)
      fog-core
      fog-xml
    fog-json (1.0.1)
      fog-core (~> 1.0)
      multi_json (~> 1.0)
    fog-profitbricks (0.0.2)
      fog-core
      fog-xml
      nokogiri
    fog-radosgw (0.0.4)
      fog-core (>= 1.21.0)
      fog-json
      fog-xml (>= 0.0.1)
    fog-sakuracloud (1.0.1)
      fog-core
      fog-json
    fog-serverlove (0.1.2)
      fog-core
      fog-json
    fog-softlayer (0.4.5)
      fog-core
      fog-json
    fog-storm_on_demand (0.1.1)
      fog-core
      fog-json
    fog-terremark (0.1.0)
      fog-core
      fog-xml
    fog-vmfusion (0.1.0)
      fission
      fog-core
    fog-voxel (0.1.0)
      fog-core
      fog-xml
    fog-xml (0.1.2)
      fog-core
      nokogiri (~> 1.5, >= 1.5.11)
    formatador (0.2.5)
    gibberish (1.4.0)
    guard (2.12.5)
      formatador (>= 0.2.4)
      listen (~> 2.7)
      lumberjack (~> 1.0)
      nenv (~> 0.1)
      notiffany (~> 0.0)
      pry (>= 0.9.12)
      shellany (~> 0.0)
      thor (>= 0.18.1)
    guard-compat (1.2.1)
    guard-rspec (4.5.0)
      guard (~> 2.1)
      guard-compat (~> 1.1)
      rspec (>= 2.99.0, < 4.0)
    hashdiff (0.2.2)
    highline (1.6.21)
    hitimes (1.2.2)
    httpclient (2.4.0)
    inflecto (0.0.2)
    ipaddress (0.8.0)
    json (1.8.2)
    json_pure (1.8.2)
    listen (2.10.0)
      celluloid (~> 0.16.0)
      rb-fsevent (>= 0.9.3)
      rb-inotify (>= 0.9)
    little-plugger (1.1.3)
    log4r (1.1.10)
    logging (1.8.2)
      little-plugger (>= 1.1.3)
      multi_json (>= 1.8.4)
    lumberjack (1.0.9)
    membrane (1.1.0)
    method_source (0.8.2)
    mime-types (1.25.1)
    mini_portile (0.6.2)
    minitar (0.5.4)
    mono_logger (1.1.0)
    multi_json (1.11.0)
    nenv (0.2.0)
    net-scp (1.1.2)
      net-ssh (>= 2.6.5)
    net-ssh (2.9.2)
    net-ssh-gateway (1.2.0)
      net-ssh (>= 2.6.5)
    netaddr (1.5.0)
    nokogiri (1.6.6.2)
      mini_portile (~> 0.6.0)
    notiffany (0.0.6)
      nenv (~> 0.1)
      shellany (~> 0.0)
    progressbar (0.9.2)
    pry (0.10.1)
      coderay (~> 1.1.0)
      method_source (~> 0.8.1)
      slop (~> 3.4)
    rack (1.6.0)
    rack-protection (1.5.3)
      rack
    rake (10.4.2)
    rb-fsevent (0.9.4)
    rb-inotify (0.9.5)
      ffi (>= 0.5.0)
    rdoc (4.2.0)
      json (~> 1.4)
    rest-client (1.6.8)
      mime-types (~> 1.16)
      rdoc (>= 2.4.2)
    rspec (3.2.0)
      rspec-core (~> 3.2.0)
      rspec-expectations (~> 3.2.0)
      rspec-mocks (~> 3.2.0)
    rspec-core (3.2.3)
      rspec-support (~> 3.2.0)
    rspec-expectations (3.2.1)
      diff-lcs (>= 1.2.0, < 2.0)
      rspec-support (~> 3.2.0)
    rspec-its (1.2.0)
      rspec-core (>= 3.0.0)
      rspec-expectations (>= 3.0.0)
    rspec-mocks (3.2.1)
      diff-lcs (>= 1.2.0, < 2.0)
      rspec-support (~> 3.2.0)
    rspec-support (3.2.2)
    ruby-atmos-pure (1.0.5)
      log4r (>= 1.1.9)
      ruby-hmac (>= 0.4.0)
    ruby-hmac (0.4.0)
    rugged (0.23.0)
    semi_semantic (1.1.0)
    sequel (3.43.0)
    shellany (0.0.1)
    sinatra (1.4.6)
      rack (~> 1.4)
      rack-protection (~> 1.4)
      tilt (>= 1.3, < 3)
    slop (3.6.0)
    sqlite3 (1.3.10)
    terminal-table (1.4.5)
    thin (1.5.1)
      daemons (>= 1.0.9)
      eventmachine (>= 0.12.6)
      rack (>= 1.0.0)
    thor (0.19.1)
    tilt (2.0.1)
    timers (4.0.1)
      hitimes
    yajl-ruby (1.2.1)

PLATFORMS
  ruby

DEPENDENCIES
  bosh-workspace (= 0.9.1)
  bosh_cli_plugin_micro
  fog-aws (<= 0.1.1)
  guard-rspec
  rake
  rspec-its
